GEM
  remote: https://rubygems.org/
  specs:
    nio4r (2.5.4)
    puma (5.1.1)
      nio4r (~> 2.0)
    rack (2.2.3)
    rack-cors (1.1.1)
      rack (>= 2.0.0)
    roda (3.39.0)
      rack

PLATFORMS
  ruby

DEPENDENCIES
  puma (~> 5.0, >= 5.0.2)
  rack-cors (~> 1.1, >= 1.1.1)
  roda (~> 3.36)

RUBY VERSION
   ruby 2.7.1p83

BUNDLED WITH
   2.1.4
